GEM
  remote: https://rubygems.org/
  specs:
    RubySunrise (0.3.3)
      tzinfo
    concurrent-ruby (1.1.10)
    rake (10.1.0)
    ruby-sun-times (0.1.5)
    sun_time (0.0.2)
    sunriseset (0.9.2)
    tzinfo (2.0.5)
      concurrent-ruby (~> 1.0)

PLATFORMS
  ruby

DEPENDENCIES
  RubySunrise
  rake
  ruby-sun-times
  sun_time
  sunriseset

RUBY VERSION
   ruby 3.1.2p20

BUNDLED WITH
   2.3.7
