GEM
  remote: https://rubygems.org/
  specs:
    RubySunrise (0.3)
      tzinfo
    atomic (1.1.14)
    rake (10.1.0)
    ruby-sun-times (0.1.5)
    sun_time (0.0.2)
    sunriseset (0.9.1)
    thread_safe (0.1.3)
      atomic
    tzinfo (1.1.0)
      thread_safe (~> 0.1)

PLATFORMS
  ruby

DEPENDENCIES
  RubySunrise
  rake
  ruby-sun-times
  sun_time
  sunriseset

RUBY VERSION
   ruby 3.1.2p20

BUNDLED WITH
   2.3.7
