GEM
  remote: https://rubygems.org/
  specs:
    RubySunrise (0.3)
      tzinfo
    atomic (1.1.14)
    geocoder (1.1.9)
    horizon_event (0.0.1)
      pay_dirt
    pay_dirt (1.0.8)
    ruby-sun-times (0.1.5)
    sun-times (1.0.0)
    sun_time (0.0.2)
    sunriseset (0.9.1)
    sunrset (0.0.4)
      xml-simple
    sunweather (0.3.8)
      geocoder
      xml-simple
    thread_safe (0.1.3)
      atomic
    tzinfo (1.1.0)
      thread_safe (~> 0.1)
    xml-simple (1.1.3)

PLATFORMS
  ruby

DEPENDENCIES
  RubySunrise
  horizon_event
  ruby-sun-times
  sun-times
  sun_time
  sunriseset
  sunrset
  sunweather
